GEM
  remote: http://rubygems.org/
  specs:
    json (1.6.1)
    mustache (0.11.2)
    rack (1.2.1)
    sinatra (1.1.0)
      rack (~> 1.1)
      tilt (~> 1.1)
    tilt (1.1)

PLATFORMS
  ruby
  x86-mingw32

DEPENDENCIES
  json
  mustache (= 0.11.2)
  sinatra (= 1.1.0)
